GEM
  remote: https://rubygems.org/
  specs:
    artifactory (2.5.1)
    kitchen-ansible (0.45.7)
      net-ssh (~> 3.0)
      test-kitchen (~> 1.4)
    kitchen-docker (2.6.0)
      test-kitchen (>= 1.0.0)
    kitchen-sync (2.1.1)
      net-sftp
      test-kitchen (>= 1.0.0)
    kitchen-verifier-serverspec (0.6.2)
      net-ssh (~> 3)
      test-kitchen (~> 1.4)
    mixlib-install (2.1.9)
      artifactory
      mixlib-shellout
      mixlib-versioning
      thor
    mixlib-shellout (2.2.7)
    mixlib-versioning (1.1.0)
    net-scp (1.2.1)
      net-ssh (>= 2.6.5)
    net-sftp (2.1.2)
      net-ssh (>= 2.6.5)
    net-ssh (3.2.0)
    net-ssh-gateway (1.2.0)
      net-ssh (>= 2.6.5)
    safe_yaml (1.0.4)
    test-kitchen (1.14.2)
      mixlib-install (>= 1.2, < 3.0)
      mixlib-shellout (>= 1.2, < 3.0)
      net-scp (~> 1.1)
      net-ssh (>= 2.9, < 4.0)
      net-ssh-gateway (~> 1.2.0)
      safe_yaml (~> 1.0)
      thor (~> 0.18)
    thor (0.19.4)

PLATFORMS
  ruby

DEPENDENCIES
  kitchen-ansible
  kitchen-docker
  kitchen-sync
  kitchen-verifier-serverspec
  test-kitchen

BUNDLED WITH
   1.13.6
